GEM
  remote: https://rubygems.org/
  specs:
    json (1.8.0)
    midi_lyrics (0.0.11)
      midilib (= 2.0.4)
    midilib (2.0.4)

PLATFORMS
  ruby

DEPENDENCIES
  json
  midi_lyrics
